PATH
  remote: .
  specs:
    mongolow (0.0.1)
      hooks
      mongo (~> 2.0.4)

GEM
  remote: http://rubygems.org/
  specs:
    bson (3.0.4)
    diff-lcs (1.2.5)
    hooks (0.4.0)
      uber (~> 0.0.4)
    mongo (2.0.4)
      bson (~> 3.0)
    rspec (3.2.0)
      rspec-core (~> 3.2.0)
      rspec-expectations (~> 3.2.0)
      rspec-mocks (~> 3.2.0)
    rspec-core (3.2.0)
      rspec-support (~> 3.2.0)
    rspec-expectations (3.2.0)
      diff-lcs (>= 1.2.0, < 2.0)
      rspec-support (~> 3.2.0)
    rspec-mocks (3.2.0)
      diff-lcs (>= 1.2.0, < 2.0)
      rspec-support (~> 3.2.0)
    rspec-support (3.2.1)
    uber (0.0.13)

PLATFORMS
  ruby

DEPENDENCIES
  mongolow!
  rspec
