PATH
  remote: .
  specs:
    mongolow (0.0.1)
      hooks (~> 0.4.1)
      mongo (~> 2.2.0)

GEM
  remote: http://rubygems.org/
  specs:
    bson (4.0.0)
    diff-lcs (1.2.5)
    hooks (0.4.1)
      uber (~> 0.0.14)
    mongo (2.2.1)
      bson (~> 4.0)
    rspec (3.2.0)
      rspec-core (~> 3.2.0)
      rspec-expectations (~> 3.2.0)
      rspec-mocks (~> 3.2.0)
    rspec-core (3.2.0)
      rspec-support (~> 3.2.0)
    rspec-expectations (3.2.0)
      diff-lcs (>= 1.2.0, < 2.0)
      rspec-support (~> 3.2.0)
    rspec-mocks (3.2.0)
      diff-lcs (>= 1.2.0, < 2.0)
      rspec-support (~> 3.2.0)
    rspec-support (3.2.1)
    uber (0.0.15)

PLATFORMS
  ruby

DEPENDENCIES
  mongolow!
  rspec

BUNDLED WITH
   1.11.2
